GIT
  remote: https://github.com/mwise/rb-music
  revision: f655a72eb5815f05e294df0fb37fb7b53cd01654
  specs:
    rb-music (0.0.6)

GEM
  remote: https://rubygems.org/
  specs:
    alsa-rawmidi (0.3.1)
      ffi (~> 1.0)
    ffi (1.9.14)
    ffi-coremidi (0.3.8)
      ffi (~> 1.9, >= 1.9.6)
    midi-jruby (0.1.5)
    midi-winmm (0.1.10)
      ffi (>= 1.0)
    midilib (2.0.5)
    unimidi (0.4.7)
      alsa-rawmidi (~> 0.3, >= 0.3.1)
      ffi-coremidi (~> 0.3, >= 0.3.5)
      midi-jruby (~> 0.1, >= 0.1.4)
      midi-winmm (~> 0.1, >= 0.1.10)

PLATFORMS
  ruby

DEPENDENCIES
  midilib
  rb-music!
  unimidi

BUNDLED WITH
   1.13.3
